GEM
  remote: https://rubygems.org/
  specs:
    addressable (2.3.5)
    httparty (0.11.0)
      multi_json (~> 1.0)
      multi_xml (>= 0.5.2)
    launchy (2.3.0)
      addressable (~> 2.3)
    mdpress (0.0.15)
      httparty
      launchy
      redcarpet
      trollop
    multi_json (1.8.0)
    multi_xml (0.5.5)
    redcarpet (3.0.0)
    trollop (2.0)

PLATFORMS
  ruby

DEPENDENCIES
  mdpress
